GEM
  remote: https://rubygems.org/
  specs:
    lorem (0.1.2)

PLATFORMS
  arm64-darwin-22

DEPENDENCIES
  lorem (~> 0.1.2)

BUNDLED WITH
   2.4.13
